GIT
  remote: https://github.com/elizabrock/slide-em-up.git
  revision: a02e0a0e90476a992253fdbd70e8c59b07db3f08
  branch: master
  specs:
    slide-em-up (0.3.5)
      erubis (~> 2.7)
      redcarpet (~> 3.1)

GEM
  remote: https://rubygems.org/
  specs:
    erubis (2.7.0)
    redcarpet (3.6.0)

PLATFORMS
  ruby

DEPENDENCIES
  slide-em-up!
